GEM
  remote: http://rubygems.org/
  specs:
    RedCloth (4.2.7)
    creole (0.4.2)
    loofah (1.0.0)
      nokogiri (>= 1.3.3)
    mcbean (0.4.0)
      RedCloth (>= 4.2.0)
      creole (>= 0.3.7)
      loofah (>= 0.4.7)
      rdiscount (>= 1.6.0)
    nokogiri (1.4.4)
    rdiscount (1.6.8)

PLATFORMS
  ruby

DEPENDENCIES
  mcbean (~> 0.4.0)
  nokogiri (~> 1.4.4)
